PATH
  remote: .
  specs:
    bananajour (2.6.4)
      activesupport (~> 2.3)
      dnssd (~> 1.3)
      grit (~> 1.1)
      haml (~> 3.0)
      json (~> 1.1)
      rainbow (~> 1.0)
      sinatra (~> 1.0)
      thin (~> 1.2)

GEM
  specs:
    activesupport (2.3.8)
    daemons (1.1.0)
    diff-lcs (1.1.2)
    dnssd (1.3.4)
    eventmachine (0.12.10)
    grit (1.1.1)
      diff-lcs (>= 1.1.2)
      mime-types (>= 1.15)
    haml (3.0.17)
    json (1.4.6)
    mime-types (1.16)
    rack (1.2.1)
    rainbow (1.1)
    sinatra (1.0)
      rack (>= 1.0)
    thin (1.2.7)
      daemons (>= 1.0.9)
      eventmachine (>= 0.12.6)
      rack (>= 1.0.0)

PLATFORMS
  ruby

DEPENDENCIES
  activesupport (~> 2.3)
  bananajour!
  dnssd (~> 1.3)
  grit (~> 1.1)
  haml (~> 3.0)
  json (~> 1.1)
  rainbow (~> 1.0)
  sinatra (~> 1.0)
  thin (~> 1.2)
